GEM
  remote: http://rubygems.org/
  specs:
    activemodel (4.2.5.1)
      activesupport (= 4.2.5.1)
      builder (~> 3.1)
    activesupport (4.2.5.1)
      i18n (~> 0.7)
      json (~> 1.7, >= 1.7.7)
      minitest (~> 5.1)
      thread_safe (~> 0.3, >= 0.3.4)
      tzinfo (~> 1.1)
    bcrypt (3.1.10)
    bcrypt-ruby (3.1.5)
      bcrypt (>= 3.1.3)
    builder (3.2.2)
    carrierwave (0.10.0)
      activemodel (>= 3.2.0)
      activesupport (>= 3.2.0)
      json (>= 1.7)
      mime-types (>= 1.16)
    carrierwave-sequel (0.1.1)
      carrierwave
      sequel
    chunky_png (1.3.5)
    compass (1.0.3)
      chunky_png (~> 1.2)
      compass-core (~> 1.0.2)
      compass-import-once (~> 1.0.5)
      rb-fsevent (>= 0.9.3)
      rb-inotify (>= 0.9)
      sass (>= 3.3.13, < 3.5)
    compass-core (1.0.3)
      multi_json (~> 1.0)
      sass (>= 3.3.0, < 3.5)
    compass-import-once (1.0.5)
      sass (>= 3.2, < 3.5)
    enumerable-lazy (0.0.1)
    erubis (2.7.0)
    faraday (0.8.9)
      multipart-post (~> 1.2.0)
    faraday_middleware (0.10.0)
      faraday (>= 0.7.4, < 0.10)
    ffi (1.9.10)
    get_process_mem (0.2.0)
    i18n (0.7.0)
    json (1.8.3)
    kgio (2.10.0)
    mail (2.5.4)
      mime-types (~> 1.16)
      treetop (~> 1.4.8)
    mime-types (1.25.1)
    mini_magick (4.3.6)
    minitest (5.8.4)
    moneta (0.7.20)
    multi_json (1.11.2)
    multipart-post (1.2.0)
    mustermann19 (0.4.0)
      enumerable-lazy
    mysql2 (0.4.2)
    newrelic_rpm (3.14.2.312)
    oauth (0.4.7)
    padrino (0.13.0)
      padrino-admin (= 0.13.0)
      padrino-cache (= 0.13.0)
      padrino-core (= 0.13.0)
      padrino-gen (= 0.13.0)
      padrino-helpers (= 0.13.0)
      padrino-mailer (= 0.13.0)
      padrino-support (= 0.13.0)
    padrino-admin (0.13.0)
      padrino-core (= 0.13.0)
      padrino-helpers (= 0.13.0)
    padrino-cache (0.13.0)
      moneta (~> 0.7.0)
      padrino-core (= 0.13.0)
      padrino-helpers (= 0.13.0)
    padrino-core (0.13.0)
      activesupport (>= 3.1)
      mustermann19
      padrino-support (= 0.13.0)
      rack-protection (>= 1.5.0)
      sinatra (~> 1.4.6)
      thor (~> 0.18)
    padrino-gen (0.13.0)
      bundler (~> 1.0)
      padrino-core (= 0.13.0)
    padrino-helpers (0.13.0)
      i18n (~> 0.6, >= 0.6.7)
      padrino-support (= 0.13.0)
      tilt (~> 1.4.1)
    padrino-mailer (0.13.0)
      mail (~> 2.5.3)
      padrino-core (= 0.13.0)
    padrino-support (0.13.0)
      activesupport (>= 3.1)
    polyglot (0.3.5)
    rack (1.6.4)
    rack-protection (1.5.3)
      rack
    raindrops (0.15.0)
    rake (10.5.0)
    rb-fsevent (0.9.7)
    rb-inotify (0.9.5)
      ffi (>= 0.5.0)
    redis (3.2.2)
    ruby-oembed (0.9.0)
    sass (3.4.21)
    sequel (4.31.0)
    simple_oauth (0.3.1)
    sinatra (1.4.7)
      rack (~> 1.5)
      rack-protection (~> 1.4)
      tilt (>= 1.3, < 3)
    stringex (2.6.0)
    thor (0.19.1)
    thread_safe (0.3.5)
    tilt (1.4.1)
    treetop (1.4.15)
      polyglot
      polyglot (>= 0.3.1)
    tumblr_client (0.8.3)
      faraday (~> 0.8.9)
      faraday_middleware (~> 0.8)
      json
      mime-types
      oauth
      simple_oauth
    tzinfo (1.2.2)
      thread_safe (~> 0.1)
    unicorn (5.0.1)
      kgio (~> 2.6)
      rack
      raindrops (~> 0.7)
    unicorn-worker-killer (0.4.4)
      get_process_mem (~> 0)
      unicorn (>= 4, < 6)

PLATFORMS
  ruby

DEPENDENCIES
  bcrypt-ruby
  carrierwave
  carrierwave-sequel
  compass
  erubis (~> 2.7.0)
  faraday (= 0.8.9)
  mini_magick
  mysql2
  newrelic_rpm
  oauth
  padrino (= 0.13.0)
  rake
  redis
  ruby-oembed
  sequel
  stringex
  tumblr_client (= 0.8.3)
  unicorn
  unicorn-worker-killer
